GEM
  remote: https://rubygems.org/
  specs:
    activemodel (7.1.1)
      activesupport (= 7.1.1)
    activesupport (7.1.1)
      base64
      bigdecimal
      concurrent-ruby (~> 1.0, >= 1.0.2)
      connection_pool (>= 2.2.5)
      drb
      i18n (>= 1.6, < 2)
      minitest (>= 5.1)
      mutex_m
      tzinfo (~> 2.0)
    addressable (2.8.5)
      public_suffix (>= 2.0.2, < 6.0)
    aes_key_wrap (1.1.0)
    aliyun-sdk (0.7.0)
      nokogiri (~> 1.6)
      rest-client (~> 2.0)
    attr_required (1.0.1)
    aws-eventstream (1.3.0)
    aws-partitions (1.896.0)
    aws-sdk-cloudwatchlogs (1.71.0)
      aws-sdk-core (~> 3, >= 3.184.0)
      aws-sigv4 (~> 1.1)
    aws-sdk-core (3.191.3)
      aws-eventstream (~> 1, >= 1.3.0)
      aws-partitions (~> 1, >= 1.651.0)
      aws-sigv4 (~> 1.8)
      jmespath (~> 1, >= 1.6.1)
    aws-sdk-firehose (1.65.0)
      aws-sdk-core (~> 3, >= 3.191.0)
      aws-sigv4 (~> 1.1)
    aws-sdk-kinesis (1.55.0)
      aws-sdk-core (~> 3, >= 3.191.0)
      aws-sigv4 (~> 1.1)
    aws-sdk-sqs (1.64.0)
      aws-sdk-core (~> 3, >= 3.184.0)
      aws-sigv4 (~> 1.1)
    aws-sigv4 (1.8.0)
      aws-eventstream (~> 1, >= 1.0.2)
    base64 (0.2.0)
    bigdecimal (3.1.6)
    bindata (2.5.0)
    concurrent-ruby (1.2.3)
    connection_pool (2.4.1)
    cool.io (1.8.0)
    date (3.3.3)
    digest-crc (0.6.5)
      rake (>= 12.0.0, < 14.0.0)
    domain_name (0.5.20190701)
      unf (>= 0.0.5, < 1.0.0)
    drb (2.2.1)
    elastic-transport (8.3.0)
      faraday (< 3)
      multi_json
    elasticsearch (8.11.0)
      elastic-transport (~> 8.3)
      elasticsearch-api (= 8.11.0)
    elasticsearch-api (8.11.0)
      multi_json
    excon (0.104.0)
    faraday (2.7.12)
      base64
      faraday-net_http (>= 2.0, < 3.1)
      ruby2_keywords (>= 0.0.4)
    faraday-excon (2.1.0)
      excon (>= 0.27.4)
      faraday (~> 2.0)
    faraday-follow_redirects (0.3.0)
      faraday (>= 1, < 3)
    faraday-net_http (3.0.2)
    faraday_middleware-aws-sigv4 (1.0.1)
      aws-sigv4 (~> 1.0)
      faraday (>= 2.0, < 3)
    ffi (1.16.3)
    ffi-compiler (1.0.1)
      ffi (>= 1.0.0)
      rake
    fluent-mixin-config-placeholders (0.4.0)
      fluentd
      uuidtools (>= 2.1.5)
    fluent-plugin-aliyun-oss (0.0.1)
      aliyun-sdk (= 0.7.0)
      fluentd (>= 0.14.22, < 2)
    fluent-plugin-cloudwatch-logs (0.14.3)
      aws-sdk-cloudwatchlogs (~> 1.0)
      fluentd (>= 1.8.0)
    fluent-plugin-datadog (0.14.4)
      fluentd (>= 1, < 2)
      net-http-persistent (~> 4.0.1)
    fluent-plugin-elasticsearch (5.4.3)
      elasticsearch
      excon
      faraday (>= 2.0.0)
      faraday-excon (>= 2.0.0)
      fluentd (>= 0.14.22)
    fluent-plugin-gelf-best (1.3.4)
      fluentd (>= 1.0.0)
      gelf (>= 2.0.0)
    fluent-plugin-grafana-loki (1.2.20)
      fluentd (>= 1.9.3, < 2)
    fluent-plugin-kafka (0.19.3)
      fluentd (>= 0.10.58, < 2)
      ltsv
      ruby-kafka (>= 1.5.0, < 2)
    fluent-plugin-kinesis (3.5.0)
      aws-sdk-firehose (~> 1, != 1.9, != 1.5, != 1.15)
      aws-sdk-kinesis (~> 1, != 1.5, != 1.4, != 1.14)
      fluentd (>= 0.14.22, < 2)
      google-protobuf (~> 3)
    fluent-plugin-logzio (0.2.2)
      fluentd (>= 0.14.0, < 2)
      net-http-persistent (~> 4.0)
      prometheus-client (>= 2.1.0)
    fluent-plugin-mattermost (0.2.2)
      fluentd (>= 0.14.10, < 2)
    fluent-plugin-mysqlslowquery (0.0.9)
      fluentd (>= 0.12.0, < 2)
      myslog (~> 0.0)
    fluent-plugin-newrelic (1.2.3)
      fluentd (>= 1.0.0)
    fluent-plugin-opensearch (1.1.5)
      aws-sdk-core (~> 3)
      excon
      faraday (>= 2.0.0)
      faraday-excon (>= 2.0.0)
      faraday_middleware-aws-sigv4 (~> 1.0.1)
      fluentd (>= 0.14.22)
      opensearch-ruby (>= 3.0.1)
    fluent-plugin-redis (0.3.5)
      fluentd (>= 0.14.22, < 2)
      redis (~> 3.3.0)
    fluent-plugin-remote-syslog (1.1)
      fluent-mixin-config-placeholders
      fluentd
      syslog_protocol
    fluent-plugin-splunk-hec (1.3.3)
      fluentd (>= 1.5)
      json-jwt (~> 1.15.0)
      multi_json (~> 1.13)
      net-http-persistent (~> 4.0)
      openid_connect (~> 1.1.8)
      prometheus-client (>= 2.1.0)
      rack-oauth2 (~> 1.19)
    fluent-plugin-sqs (3.0.0)
      aws-sdk-sqs (~> 1)
      fluentd (>= 0.12.0, < 2)
      yajl-ruby (~> 1.0)
    fluent-plugin-sumologic_output (1.10.0)
      fluentd
      httpclient
    fluent-plugin-vmware-log-intelligence (2.0.8)
      fluent-plugin-mysqlslowquery (>= 0.0.9)
      fluentd (>= 0.14.20)
      http (>= 4.0)
      myslog (~> 0.0)
    fluent-plugin-vmware-loginsight (1.4.2)
      fluentd (>= 0.14.10, < 2)
    fluent-plugin-webhdfs (1.6.0)
      fluentd (>= 0.14.22)
      webhdfs (>= 0.11.0)
    fluentd (1.16.3)
      bundler
      cool.io (>= 1.4.5, < 2.0.0)
      http_parser.rb (>= 0.5.1, < 0.9.0)
      msgpack (>= 1.3.1, < 2.0.0)
      serverengine (>= 2.3.2, < 3.0.0)
      sigdump (~> 0.2.5)
      strptime (>= 0.2.4, < 1.0.0)
      tzinfo (>= 1.0, < 3.0)
      tzinfo-data (~> 1.0)
      webrick (~> 1.4)
      yajl-ruby (~> 1.0)
    gelf (3.1.0)
      json
    google-protobuf (3.25.5)
    http (5.1.1)
      addressable (~> 2.8)
      http-cookie (~> 1.0)
      http-form_data (~> 2.2)
      llhttp-ffi (~> 0.4.0)
    http-accept (1.7.0)
    http-cookie (1.0.5)
      domain_name (~> 0.5)
    http-form_data (2.3.0)
    http_parser.rb (0.8.0)
    httpclient (2.8.3)
    i18n (1.14.4)
      concurrent-ruby (~> 1.0)
    jmespath (1.6.2)
    json (2.6.3)
    json-jwt (1.15.3.1)
      activesupport (>= 4.2)
      aes_key_wrap
      bindata
      httpclient
    llhttp-ffi (0.4.0)
      ffi-compiler (~> 1.0)
      rake (~> 13.0)
    ltsv (0.1.2)
    mail (2.8.1)
      mini_mime (>= 0.1.1)
      net-imap
      net-pop
      net-smtp
    mime-types (3.5.1)
      mime-types-data (~> 3.2015)
    mime-types-data (3.2023.1003)
    mini_mime (1.1.5)
    mini_portile2 (2.8.7)
    minitest (5.22.2)
    msgpack (1.7.2)
    multi_json (1.15.0)
    mutex_m (0.2.0)
    myslog (0.1.1)
    net-http-persistent (4.0.2)
      connection_pool (~> 2.2)
    net-imap (0.4.2)
      date
      net-protocol
    net-pop (0.1.2)
      net-protocol
    net-protocol (0.2.1)
      timeout
    net-smtp (0.4.0)
      net-protocol
    netrc (0.11.0)
    nokogiri (1.16.6)
      mini_portile2 (~> 2.8.2)
      racc (~> 1.4)
    openid_connect (1.1.8)
      activemodel
      attr_required (>= 1.0.0)
      json-jwt (>= 1.5.0)
      rack-oauth2 (>= 1.6.1)
      swd (>= 1.0.0)
      tzinfo
      validate_email
      validate_url
      webfinger (>= 1.0.1)
    opensearch-ruby (3.0.1)
      faraday (>= 1.0, < 3)
      multi_json (>= 1.0)
    prometheus-client (4.2.1)
    public_suffix (5.0.3)
    racc (1.8.0)
    rack (3.0.9.1)
    rack-oauth2 (1.21.3)
      activesupport
      attr_required
      httpclient
      json-jwt (>= 1.11.0)
      rack (>= 2.1.0)
    rake (13.0.6)
    rdkafka (0.19.0)
      ffi (~> 1.15)
      mini_portile2 (~> 2.6)
      rake (> 12)
    redis (3.3.5)
    rest-client (2.1.0)
      http-accept (>= 1.7.0, < 2.0)
      http-cookie (>= 1.0.2, < 2.0)
      mime-types (>= 1.16, < 4.0)
      netrc (~> 0.8)
    ruby-kafka (1.5.0)
      digest-crc
    ruby2_keywords (0.0.5)
    serverengine (2.3.2)
      sigdump (~> 0.2.2)
    sigdump (0.2.5)
    strptime (0.2.5)
    swd (2.0.2)
      activesupport (>= 3)
      attr_required (>= 0.0.5)
      faraday (~> 2.0)
      faraday-follow_redirects
    syslog_protocol (0.9.2)
    timeout (0.4.0)
    tzinfo (2.0.6)
      concurrent-ruby (~> 1.0)
    tzinfo-data (1.2024.1)
      tzinfo (>= 1.0.0)
    unf (0.1.4)
      unf_ext
    unf_ext (0.0.8.2)
    uuidtools (2.2.0)
    validate_email (0.1.6)
      activemodel (>= 3.0)
      mail (>= 2.2.5)
    validate_url (1.0.15)
      activemodel (>= 3.0.0)
      public_suffix
    webfinger (2.1.2)
      activesupport
      faraday (~> 2.0)
      faraday-follow_redirects
    webhdfs (0.11.0)
      addressable
    webrick (1.8.2)
    yajl-ruby (1.4.3)

PLATFORMS
  ruby

DEPENDENCIES
  fluent-plugin-aliyun-oss (= 0.0.1)
  fluent-plugin-cloudwatch-logs (= 0.14.3)
  fluent-plugin-datadog (= 0.14.4)
  fluent-plugin-elasticsearch (= 5.4.3)
  fluent-plugin-gelf-best (= 1.3.4)
  fluent-plugin-grafana-loki (= 1.2.20)
  fluent-plugin-kafka (= 0.19.3)
  fluent-plugin-kinesis (= 3.5.0)
  fluent-plugin-logzio (= 0.2.2)
  fluent-plugin-mattermost (= 0.2.2)
  fluent-plugin-newrelic (= 1.2.3)
  fluent-plugin-opensearch (= 1.1.5)
  fluent-plugin-redis (= 0.3.5)
  fluent-plugin-remote-syslog (= 1.1.0)
  fluent-plugin-splunk-hec (= 1.3.3)
  fluent-plugin-sqs (= 3.0.0)
  fluent-plugin-sumologic_output (= 1.10.0)
  fluent-plugin-vmware-log-intelligence (= 2.0.8)
  fluent-plugin-vmware-loginsight (= 1.4.2)
  fluent-plugin-webhdfs (= 1.6.0)
  rdkafka (= 0.19.0)

BUNDLED WITH
   2.6.0
