GEM
  remote: https://index.rubygems.org/
  specs:
    activemodel (8.0.3)
      activesupport (= 8.0.3)
    activesupport (8.0.3)
      base64
      benchmark (>= 0.3)
      bigdecimal
      concurrent-ruby (~> 1.0, >= 1.3.1)
      connection_pool (>= 2.2.5)
      drb
      i18n (>= 1.6, < 2)
      logger (>= 1.4.2)
      minitest (>= 5.1)
      securerandom (>= 0.3)
      tzinfo (~> 2.0, >= 2.0.5)
      uri (>= 0.13.1)
    addressable (2.8.7)
      public_suffix (>= 2.0.2, < 7.0)
    aes_key_wrap (1.1.0)
    aliyun-sdk (0.7.0)
      nokogiri (~> 1.6)
      rest-client (~> 2.0)
    amq-protocol (2.3.4)
    async (2.24.0)
      console (~> 1.29)
      fiber-annotation
      io-event (~> 1.9)
      metrics (~> 0.12)
      traces (~> 0.15)
    async-http (0.91.0)
      async (>= 2.10.2)
      async-pool (~> 0.11)
      io-endpoint (~> 0.14)
      io-stream (~> 0.6)
      metrics (~> 0.12)
      protocol-http (~> 0.49)
      protocol-http1 (~> 0.30)
      protocol-http2 (~> 0.22)
      traces (~> 0.10)
    async-pool (0.11.0)
      async (>= 2.0)
    attr_required (1.0.2)
    aws-eventstream (1.4.0)
    aws-partitions (1.1173.0)
    aws-sdk-cloudwatchlogs (1.127.0)
      aws-sdk-core (~> 3, >= 3.231.0)
      aws-sigv4 (~> 1.5)
    aws-sdk-core (3.233.0)
      aws-eventstream (~> 1, >= 1.3.0)
      aws-partitions (~> 1, >= 1.992.0)
      aws-sigv4 (~> 1.9)
      base64
      bigdecimal
      jmespath (~> 1, >= 1.6.1)
      logger
    aws-sdk-firehose (1.99.0)
      aws-sdk-core (~> 3, >= 3.231.0)
      aws-sigv4 (~> 1.5)
    aws-sdk-kinesis (1.87.0)
      aws-sdk-core (~> 3, >= 3.231.0)
      aws-sigv4 (~> 1.5)
    aws-sdk-kms (1.114.0)
      aws-sdk-core (~> 3, >= 3.231.0)
      aws-sigv4 (~> 1.5)
    aws-sdk-s3 (1.200.0)
      aws-sdk-core (~> 3, >= 3.231.0)
      aws-sdk-kms (~> 1)
      aws-sigv4 (~> 1.5)
    aws-sdk-sqs (1.104.0)
      aws-sdk-core (~> 3, >= 3.231.0)
      aws-sigv4 (~> 1.5)
    aws-sigv4 (1.12.1)
      aws-eventstream (~> 1, >= 1.0.2)
    base64 (0.3.0)
    benchmark (0.4.1)
    bigdecimal (3.3.1)
    bindata (2.5.1)
    bunny (2.14.4)
      amq-protocol (~> 2.3, >= 2.3.0)
    concurrent-ruby (1.3.5)
    connection_pool (2.5.4)
    console (1.34.1)
      fiber-annotation
      fiber-local (~> 1.1)
      json
    cool.io (1.9.0)
    csv (3.3.5)
    date (3.4.1)
    declarative (0.0.20)
    digest-crc (0.7.0)
      rake (>= 12.0.0, < 14.0.0)
    domain_name (0.6.20240107)
    drb (2.2.3)
    excon (1.3.0)
      logger
    faraday (2.14.0)
      faraday-net_http (>= 2.0, < 3.5)
      json
      logger
    faraday-excon (2.4.0)
      excon (>= 1.0.0)
      faraday (>= 2.11.0, < 3)
    faraday-follow_redirects (0.4.0)
      faraday (>= 1, < 3)
    faraday-net_http (3.4.1)
      net-http (>= 0.5.0)
    faraday_middleware-aws-sigv4 (1.0.1)
      aws-sigv4 (~> 1.0)
      faraday (>= 2.0, < 3)
    ffi (1.17.2)
    ffi-compiler (1.3.2)
      ffi (>= 1.15.5)
      rake
    fiber-annotation (0.2.0)
    fiber-local (1.1.0)
      fiber-storage
    fiber-storage (1.0.1)
    fluent-mixin-config-placeholders (0.4.0)
      fluentd
      uuidtools (>= 2.1.5)
    fluent-plugin-aliyun-oss (0.0.1)
      aliyun-sdk (= 0.7.0)
      fluentd (>= 0.14.22, < 2)
    fluent-plugin-cloudwatch-logs (0.15.0)
      aws-sdk-cloudwatchlogs (~> 1.0)
      fluentd (>= 1.8.0)
    fluent-plugin-datadog (0.14.4)
      fluentd (>= 1, < 2)
      net-http-persistent (~> 4.0.1)
    fluent-plugin-gcs (0.4.4)
      fluentd (>= 0.14.22, < 2)
      google-cloud-storage (~> 1.1)
    fluent-plugin-gelf-best (1.4.1)
      fluentd (>= 1.8.0)
      gelf_redux (>= 4.1.0)
      oj
    fluent-plugin-grafana-loki (1.2.20)
      fluentd (>= 1.9.3, < 2)
    fluent-plugin-kafka (0.19.5)
      bigdecimal (~> 3.1)
      fluentd (>= 0.10.58, < 2)
      ltsv
      ruby-kafka (>= 1.5.0, < 2)
    fluent-plugin-kinesis (3.6.1)
      aws-sdk-firehose (~> 1, != 1.9, != 1.5, != 1.15)
      aws-sdk-kinesis (~> 1, != 1.5, != 1.4, != 1.14)
      fluentd (>= 0.14.22, < 2)
      google-protobuf (~> 4)
    fluent-plugin-lm-logs (1.2.8)
      fluentd (>= 1, < 2)
      net-http-persistent (~> 4.0.1)
    fluent-plugin-logzio (0.2.2)
      fluentd (>= 0.14.0, < 2)
      net-http-persistent (~> 4.0)
      prometheus-client (>= 2.1.0)
    fluent-plugin-mattermost (0.2.2)
      fluentd (>= 0.14.10, < 2)
    fluent-plugin-mysqlslowquery (0.0.9)
      fluentd (>= 0.12.0, < 2)
      myslog (~> 0.0)
    fluent-plugin-newrelic (1.2.3)
      fluentd (>= 1.0.0)
    fluent-plugin-opensearch (1.1.5)
      aws-sdk-core (~> 3)
      excon
      faraday (>= 2.0.0)
      faraday-excon (>= 2.0.0)
      faraday_middleware-aws-sigv4 (~> 1.0.1)
      fluentd (>= 0.14.22)
      opensearch-ruby (>= 3.0.1)
    fluent-plugin-rabbitmq (0.1.5)
      bunny (~> 2.14.4)
      fluentd (>= 1.0.0)
    fluent-plugin-redis (0.3.5)
      fluentd (>= 0.14.22, < 2)
      redis (~> 3.3.0)
    fluent-plugin-remote-syslog (1.1)
      fluent-mixin-config-placeholders
      fluentd
      syslog_protocol
    fluent-plugin-s3 (1.8.3)
      aws-sdk-s3 (~> 1.60)
      aws-sdk-sqs (~> 1.23)
      fluentd (>= 0.14.22, < 2)
    fluent-plugin-splunk-hec (1.3.3)
      fluentd (>= 1.5)
      json-jwt (~> 1.15.0)
      multi_json (~> 1.13)
      net-http-persistent (~> 4.0)
      openid_connect (~> 1.1.8)
      prometheus-client (>= 2.1.0)
      rack-oauth2 (~> 1.19)
    fluent-plugin-sqs (3.0.0)
      aws-sdk-sqs (~> 1)
      fluentd (>= 0.12.0, < 2)
      yajl-ruby (~> 1.0)
    fluent-plugin-vmware-log-intelligence (2.0.8)
      fluent-plugin-mysqlslowquery (>= 0.0.9)
      fluentd (>= 0.14.20)
      http (>= 4.0)
      myslog (~> 0.0)
    fluent-plugin-vmware-loginsight (1.4.2)
      fluentd (>= 0.14.10, < 2)
    fluent-plugin-webhdfs (1.6.0)
      fluentd (>= 0.14.22)
      webhdfs (>= 0.11.0)
    fluentd (1.19.0)
      async-http (~> 0.86)
      base64 (~> 0.2)
      bundler
      cool.io (>= 1.4.5, < 2.0.0)
      csv (~> 3.2)
      drb (~> 2.2)
      http_parser.rb (>= 0.5.1, < 0.9.0)
      io-event (< 1.11.0)
      io-stream (< 0.8.0)
      logger (~> 1.6)
      msgpack (>= 1.3.1, < 2.0.0)
      serverengine (>= 2.3.2, < 3.0.0)
      sigdump (~> 0.2.5)
      strptime (>= 0.2.4, < 1.0.0)
      tzinfo (>= 1.0, < 3.0)
      tzinfo-data (~> 1.0)
      uri (~> 1.0)
      webrick (~> 1.4)
      yajl-ruby (~> 1.0)
      zstd-ruby (~> 1.5)
    gelf_redux (4.3.0)
      json
    google-apis-core (1.0.2)
      addressable (~> 2.8, >= 2.8.7)
      faraday (~> 2.13)
      faraday-follow_redirects (~> 0.3)
      googleauth (~> 1.14)
      mini_mime (~> 1.1)
      representable (~> 3.0)
      retriable (~> 3.1)
    google-apis-iamcredentials_v1 (0.24.0)
      google-apis-core (>= 0.15.0, < 2.a)
    google-apis-storage_v1 (0.57.0)
      google-apis-core (>= 0.15.0, < 2.a)
    google-cloud-core (1.8.0)
      google-cloud-env (>= 1.0, < 3.a)
      google-cloud-errors (~> 1.0)
    google-cloud-env (2.3.1)
      base64 (~> 0.2)
      faraday (>= 1.0, < 3.a)
    google-cloud-errors (1.5.0)
    google-cloud-storage (1.57.0)
      addressable (~> 2.8)
      digest-crc (~> 0.4)
      google-apis-core (>= 0.18, < 2)
      google-apis-iamcredentials_v1 (~> 0.18)
      google-apis-storage_v1 (>= 0.42)
      google-cloud-core (~> 1.6)
      googleauth (~> 1.9)
      mini_mime (~> 1.0)
    google-logging-utils (0.2.0)
    google-protobuf (4.33.0)
      bigdecimal
      rake (>= 13)
    googleauth (1.15.1)
      faraday (>= 1.0, < 3.a)
      google-cloud-env (~> 2.2)
      google-logging-utils (~> 0.1)
      jwt (>= 1.4, < 4.0)
      multi_json (~> 1.11)
      os (>= 0.9, < 2.0)
      signet (>= 0.16, < 2.a)
    http (5.3.1)
      addressable (~> 2.8)
      http-cookie (~> 1.0)
      http-form_data (~> 2.2)
      llhttp-ffi (~> 0.5.0)
    http-accept (1.7.0)
    http-cookie (1.1.0)
      domain_name (~> 0.5)
    http-form_data (2.3.0)
    http_parser.rb (0.8.0)
    httpclient (2.9.0)
      mutex_m
    i18n (1.14.7)
      concurrent-ruby (~> 1.0)
    io-endpoint (0.15.2)
    io-event (1.10.2)
    io-stream (0.7.0)
    jmespath (1.6.2)
    json (2.15.1)
    json-jwt (1.15.3.1)
      activesupport (>= 4.2)
      aes_key_wrap
      bindata
      httpclient
    jwt (3.1.2)
      base64
    llhttp-ffi (0.5.1)
      ffi-compiler (~> 1.0)
      rake (~> 13.0)
    logger (1.7.0)
    ltsv (0.1.2)
    mail (2.8.1)
      mini_mime (>= 0.1.1)
      net-imap
      net-pop
      net-smtp
    metrics (0.15.0)
    mime-types (3.7.0)
      logger
      mime-types-data (~> 3.2025, >= 3.2025.0507)
    mime-types-data (3.2025.0924)
    mini_mime (1.1.5)
    mini_portile2 (2.8.9)
    minitest (5.26.0)
    msgpack (1.8.0)
    multi_json (1.17.0)
    mutex_m (0.3.0)
    myslog (0.1.1)
    net-http (0.6.0)
      uri
    net-http-persistent (4.0.6)
      connection_pool (~> 2.2, >= 2.2.4)
    net-imap (0.5.12)
      date
      net-protocol
    net-pop (0.1.2)
      net-protocol
    net-protocol (0.2.2)
      timeout
    net-smtp (0.5.1)
      net-protocol
    netrc (0.11.0)
    nokogiri (1.18.10)
      mini_portile2 (~> 2.8.2)
      racc (~> 1.4)
    oj (3.16.11)
      bigdecimal (>= 3.0)
      ostruct (>= 0.2)
    openid_connect (1.1.8)
      activemodel
      attr_required (>= 1.0.0)
      json-jwt (>= 1.5.0)
      rack-oauth2 (>= 1.6.1)
      swd (>= 1.0.0)
      tzinfo
      validate_email
      validate_url
      webfinger (>= 1.0.1)
    opensearch-ruby (3.4.0)
      faraday (>= 1.0, < 3)
      multi_json (>= 1.0)
    os (1.1.4)
    ostruct (0.6.3)
    prometheus-client (4.2.5)
      base64
    protocol-hpack (1.5.1)
    protocol-http (0.54.0)
    protocol-http1 (0.35.2)
      protocol-http (~> 0.22)
    protocol-http2 (0.23.0)
      protocol-hpack (~> 1.4)
      protocol-http (~> 0.47)
    public_suffix (6.0.2)
    racc (1.8.1)
    rack (3.2.3)
    rack-oauth2 (1.21.3)
      activesupport
      attr_required
      httpclient
      json-jwt (>= 1.11.0)
      rack (>= 2.1.0)
    rake (13.3.0)
    rdkafka (0.23.1)
      ffi (~> 1.15)
      json (> 2.0)
      logger
      mini_portile2 (~> 2.6)
      rake (> 12)
    redis (3.3.5)
    representable (3.2.0)
      declarative (< 0.1.0)
      trailblazer-option (>= 0.1.1, < 0.2.0)
      uber (< 0.2.0)
    rest-client (2.1.0)
      http-accept (>= 1.7.0, < 2.0)
      http-cookie (>= 1.0.2, < 2.0)
      mime-types (>= 1.16, < 4.0)
      netrc (~> 0.8)
    retriable (3.1.2)
    ruby-kafka (1.5.0)
      digest-crc
    securerandom (0.4.1)
    serverengine (2.4.0)
      base64 (~> 0.1)
      logger (~> 1.4)
      sigdump (~> 0.2.2)
    sigdump (0.2.5)
    signet (0.21.0)
      addressable (~> 2.8)
      faraday (>= 0.17.5, < 3.a)
      jwt (>= 1.5, < 4.0)
      multi_json (~> 1.10)
    strptime (0.2.5)
    swd (2.0.3)
      activesupport (>= 3)
      attr_required (>= 0.0.5)
      faraday (~> 2.0)
      faraday-follow_redirects
    syslog_protocol (0.9.2)
    timeout (0.4.3)
    traces (0.18.2)
    trailblazer-option (0.1.2)
    tzinfo (2.0.6)
      concurrent-ruby (~> 1.0)
    tzinfo-data (1.2025.2)
      tzinfo (>= 1.0.0)
    uber (0.1.0)
    uri (1.0.4)
    uuidtools (3.0.0)
    validate_email (0.1.6)
      activemodel (>= 3.0)
      mail (>= 2.2.5)
    validate_url (1.0.15)
      activemodel (>= 3.0.0)
      public_suffix
    webfinger (2.1.3)
      activesupport
      faraday (~> 2.0)
      faraday-follow_redirects
    webhdfs (0.11.0)
      addressable
    webrick (1.9.1)
    yajl-ruby (1.4.3)
    zstd-ruby (1.5.7.1)

PLATFORMS
  ruby

DEPENDENCIES
  fluent-plugin-aliyun-oss (= 0.0.1)
  fluent-plugin-cloudwatch-logs (= 0.15.0)
  fluent-plugin-datadog (= 0.14.4)
  fluent-plugin-gcs (= 0.4.4)
  fluent-plugin-gelf-best (= 1.4.1)
  fluent-plugin-grafana-loki (= 1.2.20)
  fluent-plugin-kafka (= 0.19.5)
  fluent-plugin-kinesis (= 3.6.1)
  fluent-plugin-lm-logs (= 1.2.8)
  fluent-plugin-logzio (= 0.2.2)
  fluent-plugin-mattermost (= 0.2.2)
  fluent-plugin-newrelic (= 1.2.3)
  fluent-plugin-opensearch (= 1.1.5)
  fluent-plugin-rabbitmq (= 0.1.5)
  fluent-plugin-redis (= 0.3.5)
  fluent-plugin-remote-syslog (= 1.1.0)
  fluent-plugin-s3 (= 1.8.3)
  fluent-plugin-splunk-hec (= 1.3.3)
  fluent-plugin-sqs (= 3.0.0)
  fluent-plugin-vmware-log-intelligence (= 2.0.8)
  fluent-plugin-vmware-loginsight (= 1.4.2)
  fluent-plugin-webhdfs (= 1.6.0)
  rdkafka (= 0.23.1)

BUNDLED WITH
   2.5.23
