GEM
  remote: https://index.rubygems.org/
  specs:
    base64 (0.2.0)
    concurrent-ruby (1.2.3)
    cool.io (1.8.1)
    csv (3.3.0)
    dig_rb (1.0.1)
    drb (2.2.1)
    fluent-config-regexp-type (1.0.0)
      fluentd (> 1.0.0, < 2)
    fluent-plugin-concat (2.5.0)
      fluentd (>= 0.14.0, < 2)
    fluent-plugin-dedot_filter (1.0.0)
      fluentd (>= 0.14.0, < 2)
    fluent-plugin-detect-exceptions (0.0.16)
      fluentd (>= 1.14.2)
    fluent-plugin-geoip (1.3.2)
      dig_rb
      fluentd (>= 0.14.8, < 2)
      geoip-c
      geoip2_c
    fluent-plugin-grok-parser (2.6.2)
      fluentd (>= 0.14.6, < 2)
    fluent-plugin-kube-events-timestamp (0.1.3)
      fluentd (>= 0.14.0, < 2)
    fluent-plugin-multi-format-parser (1.1.0)
      fluentd (>= 0.14.0, < 2)
    fluent-plugin-mysqlslowquery (0.0.9)
      fluentd (>= 0.12.0, < 2)
      myslog (~> 0.0)
    fluent-plugin-parser-logfmt (0.0.0)
      fluentd (>= 1, < 2)
      logfmt (~> 0.0.8)
    fluent-plugin-prometheus (2.2.0)
      fluentd (>= 1.9.1, < 2)
      prometheus-client (>= 2.1.0)
    fluent-plugin-record-modifier (2.2.0)
      fluentd (>= 1.1, < 2)
    fluent-plugin-rewrite-tag-filter (2.4.0)
      fluent-config-regexp-type
      fluentd (>= 0.14.2, < 2)
    fluent-plugin-tag-normaliser (0.1.3)
      fluentd (>= 0.14.10, < 2)
    fluent-plugin-throttle (0.0.5)
      fluentd (~> 1.1)
    fluent-plugin-ua-parser (1.2.0)
      fluentd (>= 0.14, < 2)
      lru_redux (>= 1.0.0)
      user_agent_parser (>= 2.2.0)
    fluentd (1.17.1)
      base64 (~> 0.2)
      bundler
      cool.io (>= 1.4.5, < 2.0.0)
      csv (~> 3.2)
      drb (~> 2.2)
      http_parser.rb (>= 0.5.1, < 0.9.0)
      logger (~> 1.6)
      msgpack (>= 1.3.1, < 2.0.0)
      serverengine (>= 2.3.2, < 3.0.0)
      sigdump (~> 0.2.5)
      strptime (>= 0.2.4, < 1.0.0)
      tzinfo (>= 1.0, < 3.0)
      tzinfo-data (~> 1.0)
      webrick (~> 1.4)
      yajl-ruby (~> 1.0)
    geoip-c (0.9.1)
    geoip2_c (0.3.4)
    http_parser.rb (0.8.0)
    logfmt (0.0.10)
    logger (1.6.2)
    lru_redux (1.1.0)
    msgpack (1.7.5)
    myslog (0.1.1)
    prometheus-client (4.2.1)
    serverengine (2.3.2)
      sigdump (~> 0.2.2)
    sigdump (0.2.5)
    strptime (0.2.5)
    tzinfo (2.0.6)
      concurrent-ruby (~> 1.0)
    tzinfo-data (1.2023.4)
      tzinfo (>= 1.0.0)
    user_agent_parser (2.16.0)
    webrick (1.9.1)
    yajl-ruby (1.4.3)

PLATFORMS
  ruby

DEPENDENCIES
  fluent-plugin-concat (= 2.5.0)
  fluent-plugin-dedot_filter (= 1.0.0)
  fluent-plugin-detect-exceptions (= 0.0.16)
  fluent-plugin-geoip (= 1.3.2)
  fluent-plugin-grok-parser (= 2.6.2)
  fluent-plugin-kube-events-timestamp (= 0.1.3)
  fluent-plugin-multi-format-parser (= 1.1.0)
  fluent-plugin-mysqlslowquery (= 0.0.9)
  fluent-plugin-parser-logfmt (= 0.0.0)
  fluent-plugin-prometheus (= 2.2.0)
  fluent-plugin-record-modifier (= 2.2.0)
  fluent-plugin-rewrite-tag-filter (= 2.4.0)
  fluent-plugin-tag-normaliser (= 0.1.3)
  fluent-plugin-throttle (= 0.0.5)
  fluent-plugin-ua-parser (= 1.2.0)

BUNDLED WITH
   2.5.23
